GEM
  remote: http://rubygems.org/
  specs:
    rake (0.9.2.2)
    rubyzip (0.9.4)

PLATFORMS
  ruby

DEPENDENCIES
  bundler
  rake
  rubyzip
